GEM
  remote: https://rubygems.org/
  specs:
    google-protobuf (3.22.2)
    googleapis-common-protos-types (1.5.0)
      google-protobuf (~> 3.14)
    grpc (1.53.0)
      google-protobuf (~> 3.21)
      googleapis-common-protos-types (~> 1.0)
    rack (3.0.7)

PLATFORMS
  ruby

DEPENDENCIES
  grpc
  rack

BUNDLED WITH
   2.4.1
