GEM
  remote: https://rubygems.org/
  specs:
    google-protobuf (3.19.2)
    googleapis-common-protos-types (1.0.5)
      google-protobuf (~> 3.11)
    grpc (1.28.0)
      google-protobuf (~> 3.11)
      googleapis-common-protos-types (~> 1.0)
    rack (2.2.3.1)

PLATFORMS
  ruby

DEPENDENCIES
  grpc
  rack

BUNDLED WITH
   1.17.2
