GEM
  remote: https://rubygems.org/
  specs:
    google-protobuf (3.21.7)
    googleapis-common-protos-types (1.0.4)
      google-protobuf (~> 3.0)
    grpc (1.27.0)
      google-protobuf (~> 3.11)
      googleapis-common-protos-types (~> 1.0)

PLATFORMS
  ruby

DEPENDENCIES
  grpc

BUNDLED WITH
   1.17.3
